GEM
  remote: https://rubygems.org/
  specs:
    erubis (2.7.0)
    httparty (0.20.0)
      mime-types (~> 3.0)
      multi_xml (>= 0.5.2)
    mime-types (3.4.1)
      mime-types-data (~> 3.2015)
    mime-types-data (3.2022.0105)
    multi_xml (0.6.0)
    nio4r (2.5.8)
    puma (5.6.4)
      nio4r (~> 2.0)
    rack (2.2.4)
    roda (3.58.0)
      rack
    tilt (2.0.10)

PLATFORMS
  x86_64-darwin-19

DEPENDENCIES
  erubis
  httparty
  puma
  roda
  tilt

BUNDLED WITH
   2.2.32
